PATH
  remote: .
  specs:
    native_test (1.0.0)

GEM
  remote: http://rubygems.org/
  specs:

PLATFORMS
  ruby

DEPENDENCIES
  native_test!
