PATH
  remote: .
  specs:
    native_test (1.0.0)
      rake (= 0.8.7)
      rake-compiler (= 0.8.0)

GEM
  remote: http://rubygems.org/
  specs:
    rake (0.8.7)
    rake-compiler (0.8.0)
      rake

PLATFORMS
  ruby

DEPENDENCIES
  native_test!
